GEM
  remote: https://rubygems.org/
  specs:
    backports (3.6.7)
    bcrypt (3.1.11)
    eventmachine (1.2.5)
    fssm (0.2.10)
    git (1.3.0)
    haml (5.0.4)
      temple (>= 0.8.0)
      tilt
    multi_json (1.11.2)
    rack (1.5.2)
    rack-protection (1.5.3)
      rack
    rack-test (0.6.3)
      rack (>= 1.0)
    rake (10.3.1)
    redcarpet (3.2.2)
    sinatra (1.4.5)
      rack (~> 1.4)
      rack-protection (~> 1.4)
      tilt (~> 1.3, >= 1.3.4)
    sinatra-contrib (1.4.1)
      backports (>= 2.0)
      multi_json
      rack-protection
      rack-test
      sinatra (~> 1.4.0)
      tilt (~> 1.3)
    temple (0.8.0)
    tilt (1.4.1)

PLATFORMS
  ruby

DEPENDENCIES
  bcrypt
  eventmachine
  fssm
  git
  haml
  rake
  redcarpet
  sinatra (= 1.4.5)
  sinatra-contrib (<= 1.4.1)

BUNDLED WITH
   1.16.0
