GEM
  remote: https://rubygems.org/
  specs:
    addressable (2.8.1)
      public_suffix (>= 2.0.2, < 6.0)
    backports (3.15.0)
    bcrypt (3.1.13)
    daemons (1.3.1)
    eventmachine (1.2.7)
    ffi (1.11.3)
    git (1.13.0)
      addressable (~> 2.8)
      rchardet (~> 1.8)
    haml (5.1.2)
      temple (>= 0.8.0)
      tilt
    listen (3.2.1)
      rb-fsevent (~> 0.10, >= 0.10.3)
      rb-inotify (~> 0.9, >= 0.9.10)
    multi_json (1.14.1)
    multipart-post (2.1.1)
    mustermann (1.1.0)
      ruby2_keywords (~> 0.0.1)
    public_suffix (5.0.1)
    rack (2.0.8)
    rack-protection (2.0.7)
      rack
    rake (13.0.1)
    rb-fsevent (0.10.3)
    rb-inotify (0.10.1)
      ffi (~> 1.0)
    rchardet (1.8.0)
    redcarpet (3.5.0)
    ruby-filemagic (0.7.2)
    ruby2_keywords (0.0.1)
    sinatra (2.0.7)
      mustermann (~> 1.0)
      rack (~> 2.0)
      rack-protection (= 2.0.7)
      tilt (~> 2.0)
    sinatra-contrib (2.0.7)
      backports (>= 2.8.2)
      multi_json
      mustermann (~> 1.0)
      rack-protection (= 2.0.7)
      sinatra (= 2.0.7)
      tilt (~> 2.0)
    temple (0.8.2)
    thin (1.7.2)
      daemons (~> 1.0, >= 1.0.9)
      eventmachine (~> 1.0, >= 1.0.4)
      rack (>= 1, < 3)
    tilt (2.0.10)

PLATFORMS
  ruby

DEPENDENCIES
  bcrypt
  eventmachine
  git
  haml
  listen
  multipart-post
  rake
  redcarpet
  ruby-filemagic
  sinatra
  sinatra-contrib
  thin

BUNDLED WITH
   2.1.2
