GEM
  remote: https://rubygems.org/
  specs:
    backports (3.10.3)
    bcrypt (3.1.11)
    daemons (1.2.5)
    eventmachine (1.2.5)
    fssm (0.2.10)
    git (1.3.0)
    haml (5.0.4)
      temple (>= 0.8.0)
      tilt
    multi_json (1.12.2)
    rack (1.6.8)
    rack-protection (1.5.3)
      rack
    rack-test (0.7.0)
      rack (>= 1.0, < 3)
    rake (12.3.0)
    redcarpet (3.4.0)
    sinatra (1.4.5)
      rack (~> 1.4)
      rack-protection (~> 1.4)
      tilt (~> 1.3, >= 1.3.4)
    sinatra-contrib (1.4.1)
      backports (>= 2.0)
      multi_json
      rack-protection
      rack-test
      sinatra (~> 1.4.0)
      tilt (~> 1.3)
    temple (0.8.0)
    thin (1.7.2)
      daemons (~> 1.0, >= 1.0.9)
      eventmachine (~> 1.0, >= 1.0.4)
      rack (>= 1, < 3)
    tilt (1.4.1)

PLATFORMS
  ruby

DEPENDENCIES
  bcrypt
  eventmachine
  fssm
  git
  haml
  rake
  redcarpet
  sinatra (= 1.4.5)
  sinatra-contrib (<= 1.4.1)
  thin

BUNDLED WITH
   1.16.0
